GIT
  remote: https://github.com/statsig-io/ruby-sdk.git
  revision: a8d93a8d19230720296ff7337c9d6fdd68cb8eca
  branch: 1-24-6-beta
  specs:
    statsig (1.24.6.pre.beta.0)
      concurrent-ruby (~> 1.1)
      http (>= 4.4, < 6.0)
      ip3country (= 0.1.1)
      sorbet-runtime (~> 0.5.10461)
      user_agent_parser (~> 2.15.0)

PATH
  remote: .
  specs:
    test-statsig (0.0.0)

GEM
  remote: http://www.rubygems.org/
  specs:
    addressable (2.8.4)
      public_suffix (>= 2.0.2, < 6.0)
    concurrent-ruby (1.2.2)
    crack (0.4.5)
      rexml
    domain_name (0.5.20190701)
      unf (>= 0.0.5, < 1.0.0)
    ffi (1.15.5)
    ffi-compiler (1.0.1)
      ffi (>= 1.0.0)
      rake
    hashdiff (1.0.1)
    http (5.1.1)
      addressable (~> 2.8)
      http-cookie (~> 1.0)
      http-form_data (~> 2.2)
      llhttp-ffi (~> 0.4.0)
    http-cookie (1.0.5)
      domain_name (~> 0.5)
    http-form_data (2.3.0)
    ip3country (0.1.1)
    llhttp-ffi (0.4.0)
      ffi-compiler (~> 1.0)
      rake (~> 13.0)
    minitest (5.18.0)
    mustermann (2.0.2)
      ruby2_keywords (~> 0.0.1)
    nio4r (2.5.9)
    public_suffix (5.0.1)
    puma (6.2.2)
      nio4r (~> 2.0)
    rack (2.2.7)
    rack-protection (2.2.4)
      rack
    rake (13.0.6)
    rexml (3.2.5)
    ruby2_keywords (0.0.5)
    sinatra (2.2.4)
      mustermann (~> 2.0)
      rack (~> 2.2)
      rack-protection (= 2.2.4)
      tilt (~> 2.0)
    sorbet-runtime (0.5.10821)
    tilt (2.1.0)
    unf (0.1.4)
      unf_ext
    unf_ext (0.0.8.2)
    user_agent_parser (2.15.0)
    webmock (3.18.1)
      addressable (>= 2.8.0)
      crack (>= 0.3.2)
      hashdiff (>= 0.4.0, < 2.0.0)

PLATFORMS
  arm64-darwin-22

DEPENDENCIES
  minitest (~> 5.14)
  puma (~> 6.0)
  sinatra (~> 2.2)
  statsig!
  test-statsig!
  webmock (~> 3.13)

BUNDLED WITH
   2.4.5
